GEM
  remote: https://rubygems.org/
  specs:
    backports (3.15.0)
    builder (3.2.3)
    childprocess (3.0.0)
    concurrent-ruby (1.1.5)
    cucumber (3.1.2)
      builder (>= 2.1.2)
      cucumber-core (~> 3.2.0)
      cucumber-expressions (~> 6.0.1)
      cucumber-wire (~> 0.0.1)
      diff-lcs (~> 1.3)
      gherkin (~> 5.1.0)
      multi_json (>= 1.7.5, < 2.0)
      multi_test (>= 0.1.2)
    cucumber-core (3.2.1)
      backports (>= 3.8.0)
      cucumber-tag_expressions (~> 1.1.0)
      gherkin (~> 5.0)
    cucumber-expressions (6.0.1)
    cucumber-tag_expressions (1.1.1)
    cucumber-wire (0.0.1)
    data_magic (1.2)
      faker (>= 1.1.2)
      yml_reader (>= 0.6)
    diff-lcs (1.3)
    faker (2.6.0)
      i18n (>= 1.6, < 1.8)
    gherkin (5.1.0)
    i18n (1.7.0)
      concurrent-ruby (~> 1.0)
    multi_json (1.14.1)
    multi_test (0.1.2)
    page-object (2.2.6)
      page_navigation (>= 0.10)
      selenium-webdriver (~> 3.0)
      watir (~> 6.8)
    page_navigation (0.10)
      data_magic (>= 0.22)
    regexp_parser (1.6.0)
    require_all (2.0.0)
    rspec-collection_matchers (1.2.0)
      rspec-expectations (>= 2.99.0.beta1)
    rspec-expectations (3.9.0)
      diff-lcs (>= 1.2.0, < 2.0)
      rspec-support (~> 3.9.0)
    rspec-support (3.9.0)
    rubyzip (2.0.0)
    selenium-webdriver (3.142.6)
      childprocess (>= 0.5, < 4.0)
      rubyzip (>= 1.2.2)
    watir (6.16.5)
      regexp_parser (~> 1.2)
      selenium-webdriver (~> 3.6)
    watir-dom-wait (0.3.3)
      watir (>= 6.4)
    watirsome (0.2.2)
      watir (>= 6.0)
    yml_reader (0.7)

PLATFORMS
  ruby

DEPENDENCIES
  cucumber
  page-object
  require_all
  rspec-collection_matchers
  rspec-expectations
  watir
  watir-dom-wait
  watirsome

BUNDLED WITH
   2.0.2
